GEM
  remote: https://rubygems.org/
  specs:
    rack (3.2.1)
    rack-cors (3.0.0)
    rackup (2.2.1)
    redcarpet (3.6.1)
    roda (3.96.0)
    duckdb (0.10.3)
    tilt (2.6.1)

PLATFORMS
  ruby

DEPENDENCIES
  duckdb
  rack
  rack-cors
  rackup
  redcarpet
  roda
  tilt

BUNDLED WITH
   2.6.2
